GEM
  remote: https://rubygems.org/
  specs:
    activemodel (6.1.7.1)
      activesupport (= 6.1.7.1)
    activerecord (6.1.7.1)
      activemodel (= 6.1.7.1)
      activesupport (= 6.1.7.1)
    activesupport (6.1.7.1)
      concurrent-ruby (~> 1.0, >= 1.0.2)
      i18n (>= 1.6, < 2)
      minitest (>= 5.1)
      tzinfo (~> 2.0)
      zeitwerk (~> 2.3)
    concurrent-ruby (1.1.10)
    faker (2.9.0)
      i18n (>= 1.6, < 1.8)
    gimei (0.3.0)
      romaji
    i18n (1.7.1)
      concurrent-ruby (~> 1.0)
    minitest (5.17.0)
    mysql2 (0.5.3)
    rake (13.0.1)
    romaji (0.2.4)
      rake (>= 0.8.0)
    tzinfo (2.0.5)
      concurrent-ruby (~> 1.0)
    zeitwerk (2.6.6)

PLATFORMS
  ruby

DEPENDENCIES
  activerecord
  faker
  gimei
  mysql2

BUNDLED WITH
   1.17.2
